ObjectType = Image
NDims = 3
BinaryData = True
BinaryDataByteOrderMSB = True
CompressedData = False
TransformMatrix = 1 0 0 0 1 0 0 0 1
Offset = 0 0 0
CenterOfRotation = 0 0 0
AnatomicalOrientation = RAI
ElementSpacing = 0.01797 0.01797 0.01797
DimSize = 201 201 201
ElementType = MET_SHORT
ElementDataFile = g323_T9_1_cube-1.raw