ObjectType = Image
NDims = 3
BinaryData = True
BinaryDataByteOrderMSB = False
CompressedData = False
TransformMatrix = 1.0 0.0 0.0 0.0 1.0 0.0 0.0 0.0 1.0 
Offset = 0.0 0.0 0.0 
CenterOfRotation = 0.0 0.0 0.0 
AnatomicalOrientation =  RAI 
ElementSpacing = 0.036 0.036 0.036
DimSize = 157 157 157
ElementType = MET_FLOAT
ElementDataFile = s187_T11_4_36_SEG_cube.raw
